GEM
  remote: https://rubygems.org/
  specs:
    dbt (1.2.0)
    motion-kit (0.10.1)
      dbt
    motion-kit-events (0.3.1)
      dbt
      motion-kit
    rake (10.4.2)

PLATFORMS
  ruby

DEPENDENCIES
  motion-kit
  motion-kit-events
  rake
